GEM
  remote: https://rubygems.org/
  specs:
    google-protobuf (3.6.1)
    googleapis-common-protos-types (1.0.2)
      google-protobuf (~> 3.0)
    grpc (1.16.0)
      google-protobuf (~> 3.1)
      googleapis-common-protos-types (~> 1.0.0)
    grpc-tools (1.16.0)

PLATFORMS
  ruby

DEPENDENCIES
  grpc (~> 1.16.0)
  grpc-tools (~> 1.16.0)

BUNDLED WITH
   1.17.1
